GEM
  remote: https://rubygems.org/
  specs:
    dotenv (2.1.1)
    net-ssh (4.2.0)
    ruby-progressbar (1.8.1)

PLATFORMS
  ruby

DEPENDENCIES
  dotenv
  net-ssh
  ruby-progressbar

BUNDLED WITH
   1.15.4
